NUGET
  remote: https://nuget.org/api/v2
  specs:
    FsUnit (1.4.0.0-beta) - framework: >= net45
      NUnit (2.6.4)
    NuGet.CommandLine (2.8.6)
    NUnit (2.6.4) - framework: >= net45
